GEM
  remote: http://rubygems.org/
  specs:
    daemons (1.1.9)
    eventmachine (1.0.3)
    graphite-api (0.1.4)
      eventmachine (>= 0.3.3)
      zscheduler (>= 0.0.3)
    zscheduler (0.0.5)
      eventmachine

PLATFORMS
  ruby

DEPENDENCIES
  daemons
  graphite-api
